{
    "TaskName": "peakypitch",
    "Manufacturer": "Brain Products",
    "PowerLineFrequency": 60,
    "SamplingFrequency": 10000.0,
    "SoftwareFilters": "n/a",
    "RecordingDuration": 8451.8999,
    "RecordingType": "continuous",
    "EEGReference": "placed on FCz",
    "EEGGround": "placed on Fpz",
    "EEGPlacementScheme": "based on the extended 10/20 system",
    "EEGChannelCount": 2,
    "EOGChannelCount": 0,
    "ECGChannelCount": 0,
    "EMGChannelCount": 0,
    "MiscChannelCount": 0,
    "TriggerChannelCount": 0,
    "ManufacturersModelName": "actiCHamp with EP-PreAmp",
    "SoftwareVersions": "PyCorder V1.0.9"
}